GEM
  remote: https://rubygems.org/
  specs:
    daemons (1.1.8)
    log4r (1.1.10)
    net-dhcp (1.1.1)

PLATFORMS
  ruby

DEPENDENCIES
  daemons
  log4r
  net-dhcp
